GEM
  remote: https://rubygems.org/
  specs:
    ffi (1.9.3)
    pi_piper (1.3.2)
      ffi
    rack (1.5.2)
    rack-protection (1.5.1)
      rack
    sinatra (1.4.4)
      rack (~> 1.4)
      rack-protection (~> 1.4)
      tilt (~> 1.3, >= 1.3.4)
    tilt (1.4.1)

PLATFORMS
  ruby

DEPENDENCIES
  pi_piper
  sinatra
